GEM
  remote: https://rubygems.org/
  specs:
    plist (3.3.0)

PLATFORMS
  ruby

DEPENDENCIES
  plist

BUNDLED WITH
   1.15.3
